GEM
  remote: https://rubygems.org/
  specs:
    json (1.8.1)
    travis-lint (2.0.0)
      json

PLATFORMS
  ruby

DEPENDENCIES
  travis-lint
